GEM
  specs:
    bigcommerce (1.0.0.beta)
      faraday
      faraday_middleware
      hashie
    faraday (0.9.2)
      multipart-post (>= 1.2, < 3)
    faraday_middleware (0.10.0)
      faraday (>= 0.7.4, < 0.10)
    hashie (3.4.3)
    multipart-post (2.0.0)

PLATFORMS
  ruby

DEPENDENCIES
  bigcommerce (>= 1.0.0.beta)

BUNDLED WITH
   1.11.2
